GEM
  remote: https://rubygems.org/
  specs:
    bootstrap-sass (3.2.0.1)
      sass (~> 3.2)
    rack (1.6.1)
    rake (10.4.2)
    roda (2.5.1)
      rack
    sass (3.4.13)
    slim (3.0.3)
      temple (~> 0.7.3)
      tilt (>= 1.3.3, < 2.1)
    temple (0.7.5)
    tilt (1.4.1)

PLATFORMS
  ruby

DEPENDENCIES
  bootstrap-sass
  rack
  rake
  roda
  sass
  slim
  tilt

BUNDLED WITH
   1.10.5
